NUGET
  remote: https://www.nuget.org/api/v2
    ApprovalTests (3.0.11) - framework: >= net45
      ApprovalUtilities (>= 3.0)
    ApprovalUtilities (3.0.11) - framework: >= net45
    BuildTools.FxCop (1.0.1)
    CommonServiceLocator (1.3) - framework: >= net45
    EditorUtils2010 (1.5.0.1) - framework: >= net45
    FAKE (4.37.2)
    FSharp.Core (3.1.2.5) - framework: >= net45
    Microsoft.Diagnostics.Tracing.EventRegister (1.1.28)
    Microsoft.Diagnostics.Tracing.EventSource (1.1.28)
      Microsoft.Diagnostics.Tracing.EventRegister (>= 1.1.28)
      Microsoft.Diagnostics.Tracing.EventSource.Redist (>= 1.1.28)
    Microsoft.Diagnostics.Tracing.EventSource.Redist (1.1.28)
    Microsoft.Diagnostics.Tracing.TraceEvent (1.0.41) - framework: >= net45
    Mono.Cecil (0.9.6.4) - framework: >= net45
    MvvmLightLibs (5.3) - framework: >= net45
      CommonServiceLocator (>= 1.3) - framework: >= net40, monoandroid, portable-net45+win8+wp8+wpa81, xamarinios, winv4.5.1, wpv8.0, wpv8.1, wpav8.1, sl50
    Newtonsoft.Json (9.0.1) - framework: >= net45
    NuGet.CommandLine (3.4.3)
    StyleCop.MSBuild (4.7.54)
    Suave (1.1.3) - framework: >= net45
      FSharp.Core (>= 3.1.2.5)
    xunit (2.1) - framework: >= net45
      xunit.assert (2.1)
      xunit.core (2.1)
    xunit.abstractions (2.0) - framework: >= net45
    xunit.assert (2.1) - framework: >= net45
    xunit.core (2.1) - framework: >= net45
      xunit.extensibility.core (2.1) - framework: >= net45, dnx451, dnxcore50, monoandroid, monotouch, portable-net45+win80+wp80+wpa81, xamarinios, winv4.5, wpv8.0, wpav8.1
      xunit.extensibility.execution (2.1) - framework: >= net45, dnx451, dnxcore50, monoandroid, monotouch, portable-net45+win80+wp80+wpa81, xamarinios, winv4.5, wpv8.0, wpav8.1
    xunit.extensibility.core (2.1) - framework: >= net45
      xunit.abstractions (2.0)
    xunit.extensibility.execution (2.1) - framework: >= net45
      xunit.extensibility.core (2.1) - framework: >= net45, dnx451, dnxcore50, monoandroid, monotouch, xamarinios, winv4.5, wpv8.0, wpav8.1
    xunit.runner.console (2.1)
    xunit.runner.visualstudio (2.1) - framework: >= net45
GIT
  remote: https://github.com/parthopdas/tddstud10-testprojects.git
     (36e3b3f0716c1a3bedfb959c23e00a831f86a739)
      build: build.cmd Build
      os: windows
     (36e3b3f0716c1a3bedfb959c23e00a831f86a739)
      build: build.cmd Build
      os: mono