NUGET
  remote: https://www.nuget.org/api/v2
    FAKE (4.37.2)
    xunit.runner.console (2.1)
GIT
  remote: https://github.com/parthopdas/tddstud10-testprojects.git
     (47fa7463957c835aa94696d15108b4873a116452)
      build: build.cmd Build
      os: windows
     (47fa7463957c835aa94696d15108b4873a116452)
      build: build.cmd Build
      os: mono