NUGET
  remote: https://www.nuget.org/api/v2
    FAKE (4.37.2)
    xunit.runner.console (2.1)
GIT
  remote: https://github.com/parthopdas/tddstud10-testprojects.git
     (3b5394b1a0cc5e2f10bd061a1178aa2c1cf15d40)
      build: build.cmd Build
      os: windows
     (3b5394b1a0cc5e2f10bd061a1178aa2c1cf15d40)
      build: build.cmd Build
      os: mono